PATH
  remote: .
  specs:
    github_issues_cli (0.2.12)
      clamp (~> 0.6.0)
      git (= 1.2.8)
      github_api (~> 0.10.0)
      term-ansicolor (~> 1.2.0)

GEM
  remote: https://rubygems.org/
  specs:
    addressable (2.3.8)
    clamp (0.6.4)
    faraday (0.8.9)
      multipart-post (~> 1.2.0)
    git (1.2.8)
    github_api (0.10.2)
      addressable
      faraday (~> 0.8.7)
      hashie (>= 1.2)
      multi_json (~> 1.4)
      nokogiri (~> 1.6.0)
      oauth2
    hashie (3.4.1)
    jwt (1.4.1)
    mini_portile (0.6.2)
    multi_json (1.11.0)
    multi_xml (0.5.5)
    multipart-post (1.2.0)
    nokogiri (1.6.6.2)
      mini_portile (~> 0.6.0)
    oauth2 (1.0.0)
      faraday (>= 0.8, < 0.10)
      jwt (~> 1.0)
      multi_json (~> 1.3)
      multi_xml (~> 0.5)
      rack (~> 1.2)
    rack (1.6.0)
    term-ansicolor (1.2.2)
      tins (~> 0.8)
    tins (0.13.2)

PLATFORMS
  ruby

DEPENDENCIES
  github_issues_cli!
